PATH
  remote: .
  specs:
    geokit-rails (1.2.0)
      actionpack (~> 2.0)
      activerecord (~> 2.0)
      activesupport (~> 2.0)
      geokit (~> 1.6.5)

GEM
  remote: http://rubygems.org/
  specs:
    actionpack (2.3.14)
      activesupport (= 2.3.14)
      rack (~> 1.1.0)
    activerecord (2.3.14)
      activesupport (= 2.3.14)
    activesupport (2.3.14)
    geokit (1.6.5)
      multi_json
    mocha (0.9.12)
    multi_json (1.3.6)
    mysql (2.8.1)
    mysql2 (0.2.18)
    rack (1.1.3)
    rake (0.9.2.2)
    rcov (0.9.11)

PLATFORMS
  ruby

DEPENDENCIES
  geokit-rails!
  mocha (~> 0.9.8)
  mysql (~> 2.8.1)
  mysql2 (~> 0.2.18)
  rake
  rcov (~> 0.9.9)
